GEM
  remote: https://rubygems.org/
  specs:
    dotenv (2.0.2)
    power_assert (0.2.6)
    test-unit (3.1.5)
      power_assert

PLATFORMS
  ruby

DEPENDENCIES
  dotenv (= 2.0.2)
  test-unit

BUNDLED WITH
   1.11.2
